GEM
  remote: https://rubygems.org/
  specs:
    actioncable (7.1.3.4)
      actionpack (= 7.1.3.4)
      activesupport (= 7.1.3.4)
      nio4r (~> 2.0)
      websocket-driver (>= 0.6.1)
      zeitwerk (~> 2.6)
    actionmailbox (7.1.3.4)
      actionpack (= 7.1.3.4)
      activejob (= 7.1.3.4)
      activerecord (= 7.1.3.4)
      activestorage (= 7.1.3.4)
      activesupport (= 7.1.3.4)
      mail (>= 2.7.1)
      net-imap
      net-pop
      net-smtp
    actionmailer (7.1.3.4)
      actionpack (= 7.1.3.4)
      actionview (= 7.1.3.4)
      activejob (= 7.1.3.4)
      activesupport (= 7.1.3.4)
      mail (~> 2.5, >= 2.5.4)
      net-imap
      net-pop
      net-smtp
      rails-dom-testing (~> 2.2)
    actionpack (7.1.3.4)
      actionview (= 7.1.3.4)
      activesupport (= 7.1.3.4)
      nokogiri (>= 1.8.5)
      racc
      rack (>= 2.2.4)
      rack-session (>= 1.0.1)
      rack-test (>= 0.6.3)
      rails-dom-testing (~> 2.2)
      rails-html-sanitizer (~> 1.6)
    actiontext (7.1.3.4)
      actionpack (= 7.1.3.4)
      activerecord (= 7.1.3.4)
      activestorage (= 7.1.3.4)
      activesupport (= 7.1.3.4)
      globalid (>= 0.6.0)
      nokogiri (>= 1.8.5)
    actionview (7.1.3.4)
      activesupport (= 7.1.3.4)
      builder (~> 3.1)
      erubi (~> 1.11)
      rails-dom-testing (~> 2.2)
      rails-html-sanitizer (~> 1.6)
    activejob (7.1.3.4)
      activesupport (= 7.1.3.4)
      globalid (>= 0.3.6)
    activemodel (7.1.3.4)
      activesupport (= 7.1.3.4)
    activerecord (7.1.3.4)
      activemodel (= 7.1.3.4)
      activesupport (= 7.1.3.4)
      timeout (>= 0.4.0)
    activerecord-import (2.2.0)
      activerecord (>= 4.2)
    activestorage (7.1.3.4)
      actionpack (= 7.1.3.4)
      activejob (= 7.1.3.4)
      activerecord (= 7.1.3.4)
      activesupport (= 7.1.3.4)
      marcel (~> 1.0)
    activesupport (7.1.3.4)
      base64
      bigdecimal
      concurrent-ruby (~> 1.0, >= 1.0.2)
      connection_pool (>= 2.2.5)
      drb
      i18n (>= 1.6, < 2)
      minitest (>= 5.1)
      mutex_m
      tzinfo (~> 2.0)
    addressable (2.8.7)
      public_suffix (>= 2.0.2, < 7.0)
    ast (2.4.3)
    attr_extras (7.1.0)
    audited (5.8.0)
      activerecord (>= 5.2, < 8.2)
      activesupport (>= 5.2, < 8.2)
    awesome_print (1.9.2)
    base64 (0.3.0)
    batch-loader (2.0.5)
    bcrypt (3.1.20)
    bigdecimal (3.2.2)
    blueprinter (1.1.2)
    bootsnap (1.18.6)
      msgpack (~> 1.2)
    brakeman (7.0.2)
      racc
    builder (3.3.0)
    childprocess (5.1.0)
      logger (~> 1.5)
    concurrent-ruby (1.3.5)
    connection_pool (2.5.3)
    crack (1.0.0)
      bigdecimal
      rexml
    crass (1.0.6)
    csv (3.3.5)
    data_migrate (11.3.0)
      activerecord (>= 6.1)
      railties (>= 6.1)
    date (3.4.1)
    debug (1.11.0)
      irb (~> 1.10)
      reline (>= 0.3.8)
    diff-lcs (1.6.2)
    discard (1.4.0)
      activerecord (>= 4.2, < 9.0)
    dotenv (3.1.8)
    drb (2.2.3)
    erb (5.0.1)
    erubi (1.13.1)
    et-orbi (1.2.11)
      tzinfo
    factory_bot (6.5.4)
      activesupport (>= 6.1.0)
    factory_bot_rails (6.5.0)
      factory_bot (~> 6.5)
      railties (>= 6.1.0)
    faker (3.5.1)
      i18n (>= 1.8.11, < 2)
    faraday (2.13.1)
      faraday-net_http (>= 2.0, < 3.5)
      json
      logger
    faraday-net_http (3.4.1)
      net-http (>= 0.5.0)
    ffi (1.17.2-aarch64-linux-musl)
    fugit (1.11.1)
      et-orbi (~> 1, >= 1.2.11)
      raabro (~> 1.4)
    globalid (1.2.1)
      activesupport (>= 6.1)
    good_job (3.99.1)
      activejob (>= 6.0.0)
      activerecord (>= 6.0.0)
      concurrent-ruby (>= 1.0.2)
      fugit (>= 1.1)
      railties (>= 6.0.0)
      thor (>= 0.14.1)
    google-protobuf (4.31.1-aarch64-linux-musl)
      bigdecimal
      rake (>= 13)
    groupdate (6.7.0)
      activesupport (>= 7.1)
    hashdiff (1.2.0)
    httparty (0.23.1)
      csv
      mini_mime (>= 1.0.0)
      multi_xml (>= 0.5.2)
    httplog (1.6.3)
      rack (>= 2.0)
      rainbow (>= 2.0.0)
    i18n (1.14.7)
      concurrent-ruby (~> 1.0)
    io-console (0.8.0)
    irb (1.15.2)
      pp (>= 0.6.0)
      rdoc (>= 4.0.0)
      reline (>= 0.4.2)
    json (2.12.2)
    jwt (3.1.2)
      base64
    language_server-protocol (3.17.0.5)
    launchy (3.1.1)
      addressable (~> 2.8)
      childprocess (~> 5.0)
      logger (~> 1.6)
    letter_opener (1.10.0)
      launchy (>= 2.2, < 4)
    letter_opener_web (2.0.0)
      actionmailer (>= 5.2)
      letter_opener (~> 1.7)
      railties (>= 5.2)
      rexml
    lint_roller (1.1.0)
    logger (1.7.0)
    lograge (0.14.0)
      actionpack (>= 4)
      activesupport (>= 4)
      railties (>= 4)
      request_store (~> 1.0)
    loofah (2.24.1)
      crass (~> 1.0.2)
      nokogiri (>= 1.12.0)
    mail (2.8.1)
      mini_mime (>= 0.1.1)
      net-imap
      net-pop
      net-smtp
    marcel (1.0.4)
    mini_mime (1.1.5)
    minitest (5.25.5)
    msgpack (1.8.0)
    multi_xml (0.7.2)
      bigdecimal (~> 3.1)
    mutex_m (0.3.0)
    n_plus_one_control (0.7.2)
    net-http (0.6.0)
      uri
    net-imap (0.5.9)
      date
      net-protocol
    net-pop (0.1.2)
      net-protocol
    net-protocol (0.2.2)
      timeout
    net-smtp (0.5.1)
      net-protocol
    nio4r (2.7.4)
    nokogiri (1.18.8-aarch64-linux-musl)
      racc (~> 1.4)
    optimist (3.2.1)
    parallel (1.27.0)
    parser (3.3.8.0)
      ast (~> 2.4.1)
      racc
    patience_diff (1.2.0)
      optimist (~> 3.0)
    pg (1.5.9)
    pg_query (6.1.0)
      google-protobuf (>= 3.25.3)
    pghero (3.7.0)
      activerecord (>= 7.1)
    pp (0.6.2)
      prettyprint
    prettyprint (0.2.0)
    prism (1.4.0)
    psych (5.2.6)
      date
      stringio
    public_suffix (6.0.2)
    puma (6.6.0)
      nio4r (~> 2.0)
    pundit (2.5.0)
      activesupport (>= 3.0.0)
    raabro (1.4.0)
    racc (1.8.1)
    rack (3.0.18)
    rack-attack (6.7.0)
      rack (>= 1.0, < 4)
    rack-cors (2.0.2)
      rack (>= 2.0.0)
    rack-session (2.1.1)
      base64 (>= 0.1.0)
      rack (>= 3.0.0)
    rack-test (2.2.0)
      rack (>= 1.3)
    rackup (2.2.1)
      rack (>= 3)
    rails (7.1.3.4)
      actioncable (= 7.1.3.4)
      actionmailbox (= 7.1.3.4)
      actionmailer (= 7.1.3.4)
      actionpack (= 7.1.3.4)
      actiontext (= 7.1.3.4)
      actionview (= 7.1.3.4)
      activejob (= 7.1.3.4)
      activemodel (= 7.1.3.4)
      activerecord (= 7.1.3.4)
      activestorage (= 7.1.3.4)
      activesupport (= 7.1.3.4)
      bundler (>= 1.15.0)
      railties (= 7.1.3.4)
    rails-dom-testing (2.3.0)
      activesupport (>= 5.0.0)
      minitest
      nokogiri (>= 1.6)
    rails-html-sanitizer (1.6.2)
      loofah (~> 2.21)
      nokogiri (>= 1.15.7, != 1.16.7, != 1.16.6, != 1.16.5, != 1.16.4, != 1.16.3, != 1.16.2, != 1.16.1, != 1.16.0.rc1, != 1.16.0)
    railties (7.1.3.4)
      actionpack (= 7.1.3.4)
      activesupport (= 7.1.3.4)
      irb
      rackup (>= 1.0.0)
      rake (>= 12.2)
      thor (~> 1.0, >= 1.2.2)
      zeitwerk (~> 2.6)
    rainbow (3.1.1)
    rake (13.3.0)
    rbs (3.9.4)
      logger
    rdoc (6.14.1)
      erb
      psych (>= 4.0.0)
    regexp_parser (2.10.0)
    reline (0.6.1)
      io-console (~> 0.5)
    request_store (1.7.0)
      rack (>= 1.4)
    rexml (3.4.1)
    rspec-core (3.13.5)
      rspec-support (~> 3.13.0)
    rspec-expectations (3.13.5)
      diff-lcs (>= 1.2.0, < 2.0)
      rspec-support (~> 3.13.0)
    rspec-json_expectations (2.2.0)
    rspec-mocks (3.13.5)
      diff-lcs (>= 1.2.0, < 2.0)
      rspec-support (~> 3.13.0)
    rspec-rails (6.1.5)
      actionpack (>= 6.1)
      activesupport (>= 6.1)
      railties (>= 6.1)
      rspec-core (~> 3.13)
      rspec-expectations (~> 3.13)
      rspec-mocks (~> 3.13)
      rspec-support (~> 3.13)
    rspec-support (3.13.4)
    rubocop (1.77.0)
      json (~> 2.3)
      language_server-protocol (~> 3.17.0.2)
      lint_roller (~> 1.1.0)
      parallel (~> 1.10)
      parser (>= 3.3.0.2)
      rainbow (>= 2.2.2, < 4.0)
      regexp_parser (>= 2.9.3, < 3.0)
      rubocop-ast (>= 1.45.1, < 2.0)
      ruby-progressbar (~> 1.7)
      unicode-display_width (>= 2.4.0, < 4.0)
    rubocop-ast (1.45.1)
      parser (>= 3.3.7.2)
      prism (~> 1.4)
    rubocop-performance (1.25.0)
      lint_roller (~> 1.1)
      rubocop (>= 1.75.0, < 2.0)
      rubocop-ast (>= 1.38.0, < 2.0)
    rubocop-rails (2.32.0)
      activesupport (>= 4.2.0)
      lint_roller (~> 1.1)
      rack (>= 1.1)
      rubocop (>= 1.75.0, < 2.0)
      rubocop-ast (>= 1.44.0, < 2.0)
    rubocop-rspec (3.6.0)
      lint_roller (~> 1.1)
      rubocop (~> 1.72, >= 1.72.1)
    ruby-lsp (0.24.2)
      language_server-protocol (~> 3.17.0)
      prism (>= 1.2, < 2.0)
      rbs (>= 3, < 5)
      sorbet-runtime (>= 0.5.10782)
    ruby-progressbar (1.13.0)
    sass-rails (6.0.0)
      sassc-rails (~> 2.1, >= 2.1.1)
    sassc (2.4.0)
      ffi (~> 1.9)
    sassc-rails (2.1.2)
      railties (>= 4.0.0)
      sassc (>= 2.0)
      sprockets (> 3.0)
      sprockets-rails
      tilt
    securerandom (0.4.1)
    solid_cache (0.4.2)
      activejob (>= 7)
      activerecord (>= 7)
      railties (>= 7)
    sorbet-runtime (0.5.12204)
    sprockets (4.2.2)
      concurrent-ruby (~> 1.0)
      logger
      rack (>= 2.2.4, < 4)
    sprockets-rails (3.5.2)
      actionpack (>= 6.1)
      activesupport (>= 6.1)
      sprockets (>= 3.0.0)
    stringio (3.1.7)
    super_diff (0.16.0)
      attr_extras (>= 6.2.4)
      diff-lcs
      patience_diff
    thor (1.3.2)
    tilt (2.6.0)
    timecop (0.9.10)
    timeout (0.4.3)
    tzinfo (2.0.6)
      concurrent-ruby (~> 1.0)
    unicode-display_width (3.1.4)
      unicode-emoji (~> 4.0, >= 4.0.4)
    unicode-emoji (4.0.4)
    uri (1.0.3)
    valid_email2 (7.0.13)
      activemodel (>= 6.0)
      mail (~> 2.5)
    webmock (3.25.1)
      addressable (>= 2.8.0)
      crack (>= 0.3.2)
      hashdiff (>= 0.4.0, < 2.0.0)
    websocket-driver (0.8.0)
      base64
      websocket-extensions (>= 0.1.0)
    websocket-extensions (0.1.5)
    will_paginate (4.0.1)
    with_advisory_lock (5.3.0)
      activerecord (>= 6.1)
      zeitwerk (>= 2.6)
    zeitwerk (2.7.3)

PLATFORMS
  aarch64-linux-musl

DEPENDENCIES
  actionpack (> 7.1.3.1)
  activerecord-import
  audited
  awesome_print
  batch-loader
  bcrypt (~> 3.1.7)
  blueprinter
  bootsnap
  brakeman
  csv
  data_migrate
  debug
  discard (~> 1.2)
  dotenv
  factory_bot_rails
  faker
  faraday
  fugit (>= 1.11.1)
  good_job (~> 3.28)
  google-protobuf (>= 4.28.2)
  groupdate
  httparty
  httplog (~> 1.6.3)
  jwt
  letter_opener
  letter_opener_web (~> 2.0)
  lograge
  n_plus_one_control
  nokogiri (~> 1.18.4)
  pg (~> 1.1)
  pg_query (>= 2)
  pghero
  puma (>= 6.4.3)
  pundit
  rack (~> 3.0.14)
  rack-attack
  rack-cors (~> 2.0.2)
  rails (~> 7.1.3.2)
  rspec-json_expectations
  rspec-rails (~> 6.1.0)
  rubocop-performance
  rubocop-rails
  rubocop-rspec
  ruby-lsp
  sass-rails (>= 6)
  securerandom
  solid_cache (~> 0.4.2)
  stringio (~> 3.1.1)
  super_diff
  timecop
  tzinfo-data
  valid_email2
  webmock
  will_paginate (~> 4.0)
  with_advisory_lock

RUBY VERSION
   ruby 3.3.3p89

BUNDLED WITH
   2.5.11
